GEM
  remote: https://rubygems.org/
  specs:
    chronic (0.9.1)
    faraday (0.8.7)
      multipart-post (~> 1.1)
    multi_json (1.7.2)
    multipart-post (1.2.0)
    oauth (0.4.7)
    simple_oauth (0.2.0)
    twitter (4.6.2)
      faraday (~> 0.8, < 0.10)
      multi_json (~> 1.0)
      simple_oauth (~> 0.2)
    word_wrapper (0.5.0)

PLATFORMS
  ruby

DEPENDENCIES
  chronic
  oauth
  twitter
  word_wrapper
