GEM
  remote: https://rubygems.org/
  specs:
    chronic (0.8.0)
    faraday (0.8.4)
      multipart-post (~> 1.1)
    multi_json (1.5.0)
    multipart-post (1.1.5)
    oauth (0.4.7)
    simple_oauth (0.2.0)
    textwrap (0.1.2)
    twitter (4.4.1)
      faraday (~> 0.8)
      multi_json (~> 1.3)
      simple_oauth (~> 0.2)

PLATFORMS
  ruby

DEPENDENCIES
  chronic
  oauth
  textwrap
  twitter
